GIT
  remote: git://github.com/flying-sphinx/flying-sphinx.git
  revision: 8d94436c5c1b7bd42f57873bb81c42deeedfcb1b
  ref: 8d94436c5c
  branch: master
  specs:
    flying-sphinx (0.8.5)
      faraday_middleware (~> 0.7)
      multi_json (>= 1.3.0)
      pusher-client (~> 0.3)
      rash (~> 0.3.0)
      riddle (>= 1.5.5)
      thinking-sphinx

GIT
  remote: git://github.com/pat/thinking-sphinx.git
  revision: 375de3a5eb60297386f830fb1ffd613745489bde
  ref: 375de3a5eb
  branch: master
  specs:
    thinking-sphinx (3.0.2)
      activerecord (>= 3.1.0)
      builder (>= 2.1.2)
      innertube (>= 1.0.2)
      middleware (>= 0.1.0)
      riddle (>= 1.5.6)

GIT
  remote: git://github.com/pat/ts-resque-delta.git
  revision: 5bae80758c332aa0ff987881934ee644085947a7
  ref: 5bae80758c
  branch: sidekiq
  specs:
    ts-sidekiq-delta (0.0.1)
      sidekiq (>= 2.5.4)
      thinking-sphinx (>= 3.0.0)

GEM
  remote: https://rubygems.org/
  specs:
    actionmailer (3.2.13)
      actionpack (= 3.2.13)
      mail (~> 2.5.3)
    actionpack (3.2.13)
      activemodel (= 3.2.13)
      activesupport (= 3.2.13)
      builder (~> 3.0.0)
      erubis (~> 2.7.0)
      journey (~> 1.0.4)
      rack (~> 1.4.5)
      rack-cache (~> 1.2)
      rack-test (~> 0.6.1)
      sprockets (~> 2.2.1)
    activemodel (3.2.13)
      activesupport (= 3.2.13)
      builder (~> 3.0.0)
    activerecord (3.2.13)
      activemodel (= 3.2.13)
      activesupport (= 3.2.13)
      arel (~> 3.0.2)
      tzinfo (~> 0.3.29)
    activeresource (3.2.13)
      activemodel (= 3.2.13)
      activesupport (= 3.2.13)
    activesupport (3.2.13)
      i18n (= 0.6.1)
      multi_json (~> 1.0)
    arel (3.0.2)
    builder (3.0.4)
    celluloid (0.12.4)
      facter (>= 1.6.12)
      timers (>= 1.0.0)
    coffee-rails (3.2.2)
      coffee-script (>= 2.2.0)
      railties (~> 3.2.0)
    coffee-script (2.2.0)
      coffee-script-source
      execjs
    coffee-script-source (1.6.2)
    connection_pool (1.0.0)
    erubis (2.7.0)
    execjs (1.4.0)
      multi_json (~> 1.0)
    facter (1.7.0)
    faraday (0.8.7)
      multipart-post (~> 1.1)
    faraday_middleware (0.9.0)
      faraday (>= 0.7.4, < 0.9)
    hashie (1.2.0)
    hike (1.2.2)
    i18n (0.6.1)
    innertube (1.0.2)
    journey (1.0.4)
    jquery-rails (2.2.1)
      railties (>= 3.0, < 5.0)
      thor (>= 0.14, < 2.0)
    json (1.7.7)
    mail (2.5.3)
      i18n (>= 0.4.0)
      mime-types (~> 1.16)
      treetop (~> 1.4.8)
    middleware (0.1.0)
    mime-types (1.23)
    multi_json (1.7.2)
    multipart-post (1.2.0)
    mysql2 (0.3.12b5)
    pg (0.15.1)
    polyglot (0.3.3)
    pusher-client (0.3.0)
      ruby-hmac (~> 0.4.0)
      websocket (~> 1.0.0)
    rack (1.4.5)
    rack-cache (1.2)
      rack (>= 0.4)
    rack-ssl (1.3.3)
      rack
    rack-test (0.6.2)
      rack (>= 1.0)
    rails (3.2.13)
      actionmailer (= 3.2.13)
      actionpack (= 3.2.13)
      activerecord (= 3.2.13)
      activeresource (= 3.2.13)
      activesupport (= 3.2.13)
      bundler (~> 1.0)
      railties (= 3.2.13)
    railties (3.2.13)
      actionpack (= 3.2.13)
      activesupport (= 3.2.13)
      rack-ssl (~> 1.3.2)
      rake (>= 0.8.7)
      rdoc (~> 3.4)
      thor (>= 0.14.6, < 2.0)
    rake (10.0.4)
    rash (0.3.2)
      hashie (~> 1.2.0)
    rdoc (3.12.2)
      json (~> 1.4)
    redis (3.0.3)
    redis-namespace (1.2.1)
      redis (~> 3.0.0)
    riddle (1.5.6)
    ruby-hmac (0.4.0)
    sass (3.2.8)
    sass-rails (3.2.6)
      railties (~> 3.2.0)
      sass (>= 3.1.10)
      tilt (~> 1.3)
    sidekiq (2.10.1)
      celluloid (~> 0.12.0)
      connection_pool (~> 1.0)
      multi_json (~> 1)
      redis (~> 3)
      redis-namespace
    sprockets (2.2.2)
      hike (~> 1.2)
      multi_json (~> 1.0)
      rack (~> 1.0)
      tilt (~> 1.1, != 1.3.0)
    thor (0.18.1)
    tilt (1.4.0)
    timers (1.1.0)
    treetop (1.4.12)
      polyglot
      polyglot (>= 0.3.1)
    tzinfo (0.3.37)
    uglifier (2.0.1)
      execjs (>= 0.3.0)
      multi_json (~> 1.0, >= 1.0.2)
    websocket (1.0.7)

PLATFORMS
  ruby

DEPENDENCIES
  coffee-rails (~> 3.2.1)
  flying-sphinx!
  jquery-rails
  mysql2 (= 0.3.12b5)
  pg (= 0.15.1)
  rails (= 3.2.13)
  sass-rails (~> 3.2.3)
  thinking-sphinx (~> 3.0.2)!
  ts-sidekiq-delta!
  uglifier (>= 1.0.3)
